GEM
  remote: https://rubygems.org/
  specs:
    hatenablog (0.2.2)
      nokogiri (~> 1.6.6)
      oauth (~> 0.4.7)
    mini_portile2 (2.1.0)
    nokogiri (1.6.8)
      mini_portile2 (~> 2.1.0)
      pkg-config (~> 1.1.7)
    oauth (0.4.7)
    pkg-config (1.1.7)
    power_assert (0.2.4)
    test-unit (3.1.4)
      power_assert

PLATFORMS
  ruby

DEPENDENCIES
  hatenablog (~> 0.2.2)
  test-unit (~> 3.1.4)

BUNDLED WITH
   1.12.5
