GEM
  remote: https://rubygems.org/
  specs:
    hatenablog (0.2.0)
      nokogiri (~> 1.6.6)
      oauth (~> 0.4.7)
    mini_portile (0.6.2)
    nokogiri (1.6.6.2)
      mini_portile (~> 0.6.0)
    oauth (0.4.7)
    power_assert (0.2.4)
    test-unit (3.1.4)
      power_assert

PLATFORMS
  ruby

DEPENDENCIES
  hatenablog (~> 0.2.0)
  test-unit (~> 3.1.4)

BUNDLED WITH
   1.10.6
